GIT
  remote: https://github.com/ashfurrow/jekyll-lunr-js-search.git
  revision: 93cef5ecf555c4ba62edcb19d1aa3cb5c8e0c715
  branch: v2
  specs:
    jekyll-lunr-js-search (3.0.0)
      nokogiri (~> 1.6)
      therubyracer (~> 0.12)
      yajl-ruby

GEM
  remote: https://rubygems.org/
  specs:
    RedCloth (4.3.2)
    addressable (2.5.2)
      public_suffix (>= 2.0.2, < 4.0)
    chunky_png (1.3.10)
    claide (1.0.2)
    claide-plugins (0.9.2)
      cork
      nap
      open4 (~> 1.3)
    coderay (1.1.2)
    colorator (1.1.0)
    colored2 (3.1.2)
    compass (1.0.3)
      chunky_png (~> 1.2)
      compass-core (~> 1.0.2)
      compass-import-once (~> 1.0.5)
      rb-fsevent (>= 0.9.3)
      rb-inotify (>= 0.9)
      sass (>= 3.3.13, < 3.5)
    compass-core (1.0.3)
      multi_json (~> 1.0)
      sass (>= 3.3.0, < 3.5)
    compass-import-once (1.0.5)
      sass (>= 3.2, < 3.5)
    concurrent-ruby (1.0.5)
    cork (0.3.0)
      colored2 (~> 3.1)
    danger (5.6.2)
      claide (~> 1.0)
      claide-plugins (>= 0.9.2)
      colored2 (~> 3.1)
      cork (~> 0.1)
      faraday (~> 0.9)
      faraday-http-cache (~> 1.0)
      git (~> 1)
      kramdown (~> 1.5)
      no_proxy_fix
      octokit (~> 4.7)
      terminal-table (~> 1)
    em-websocket (0.5.1)
      eventmachine (>= 0.12.9)
      http_parser.rb (~> 0.6.0)
    eventmachine (1.2.7)
    faraday (0.15.2)
      multipart-post (>= 1.2, < 3)
    faraday-http-cache (1.3.1)
      faraday (~> 0.8)
    ffi (1.9.25)
    forwardable-extended (2.6.0)
    git (1.4.0)
    http_parser.rb (0.6.0)
    i18n (0.9.5)
      concurrent-ruby (~> 1.0)
    jekyll (3.8.3)
      addressable (~> 2.4)
      colorator (~> 1.0)
      em-websocket (~> 0.5)
      i18n (~> 0.7)
      jekyll-sass-converter (~> 1.0)
      jekyll-watch (~> 2.0)
      kramdown (~> 1.14)
      liquid (~> 4.0)
      mercenary (~> 0.3.3)
      pathutil (~> 0.9)
      rouge (>= 1.7, < 4)
      safe_yaml (~> 1.0)
    jekyll-sass-converter (1.5.2)
      sass (~> 3.4)
    jekyll-watch (2.0.0)
      listen (~> 3.0)
    kramdown (1.17.0)
    libv8 (3.16.14.19)
    liquid (4.0.0)
    listen (3.1.5)
      rb-fsevent (~> 0.9, >= 0.9.4)
      rb-inotify (~> 0.9, >= 0.9.7)
      ruby_dep (~> 1.2)
    mercenary (0.3.6)
    method_source (0.9.0)
    mini_portile2 (2.3.0)
    multi_json (1.13.1)
    multipart-post (2.0.0)
    nap (1.1.0)
    no_proxy_fix (0.1.2)
    nokogiri (1.8.3)
      mini_portile2 (~> 2.3.0)
    octokit (4.9.0)
      sawyer (~> 0.8.0, >= 0.5.3)
    octopress-hooks (2.6.2)
      jekyll (>= 2.0)
    open4 (1.3.4)
    pathutil (0.16.1)
      forwardable-extended (~> 2.6)
    pry (0.11.3)
      coderay (~> 1.1.0)
      method_source (~> 0.9.0)
    public_suffix (3.0.2)
    pygments.rb (1.2.1)
      multi_json (>= 1.0.0)
    rake (12.3.1)
    rb-fsevent (0.10.3)
    rb-inotify (0.9.10)
      ffi (>= 0.5.0, < 2)
    rdiscount (2.2.0.1)
    ref (2.0.0)
    rouge (3.1.1)
    ruby_dep (1.5.0)
    safe_yaml (1.0.4)
    sass (3.4.25)
    sawyer (0.8.1)
      addressable (>= 2.3.5, < 2.6)
      faraday (~> 0.8, < 1.0)
    terminal-table (1.8.0)
      unicode-display_width (~> 1.1, >= 1.1.1)
    therubyracer (0.12.3)
      libv8 (~> 3.16.14.15)
      ref
    unicode-display_width (1.4.0)
    yajl-ruby (1.4.0)

PLATFORMS
  ruby

DEPENDENCIES
  RedCloth
  compass
  danger
  jekyll
  jekyll-lunr-js-search!
  octopress-hooks
  pry
  pygments.rb
  rake
  rdiscount

BUNDLED WITH
   1.16.2
